GEM
  remote: https://rubygems.org/
  specs:
    mini_portile2 (2.4.0)
    nokogiri (1.10.1)
      mini_portile2 (~> 2.4.0)
    roo (2.8.2)
      nokogiri (~> 1)
      rubyzip (>= 1.2.1, < 2.0.0)
    roo-xls (1.2.0)
      nokogiri
      roo (>= 2.0.0, < 3)
      spreadsheet (> 0.9.0)
    ruby-ole (1.2.12.1)
    rubyzip (1.2.2)
    spreadsheet (1.2.2)
      ruby-ole (>= 1.0)
    sqlite3 (1.3.13)

PLATFORMS
  ruby

DEPENDENCIES
  roo
  roo-xls
  sqlite3 (= 1.3.13)

RUBY VERSION
   ruby 2.5.3p105

BUNDLED WITH
   1.17.3
